GEM
  remote: https://rubygems.org/
  specs:
    awesome_print (1.7.0)
    ffi (1.9.14)
    guard-compat (1.2.1)
    guard-process (1.2.1)
      guard-compat (~> 1.2, >= 1.2.1)
      spoon (~> 0.0.1)
    json (2.0.2)
    kgio (2.10.0)
    kramdown (1.12.0)
    oauth (0.5.1)
    rack (1.6.4)
    rack-protection (1.5.3)
      rack
    raindrops (0.17.0)
    sinatra (1.4.7)
      rack (~> 1.5)
      rack-protection (~> 1.4)
      tilt (>= 1.3, < 3)
    spoon (0.0.4)
      ffi
    tilt (2.0.5)
    unicorn (5.1.0)
      kgio (~> 2.6)
      raindrops (~> 0.7)

PLATFORMS
  ruby

DEPENDENCIES
  awesome_print
  guard-process
  json
  kramdown
  oauth
  sinatra
  unicorn

RUBY VERSION
   ruby 2.3.1p112

BUNDLED WITH
   1.12.5
